GEM
  remote: https://rubygems.org/
  specs:
    actioncable (7.2.2.1)
      actionpack (= 7.2.2.1)
      activesupport (= 7.2.2.1)
      nio4r (~> 2.0)
      websocket-driver (>= 0.6.1)
      zeitwerk (~> 2.6)
    actionmailbox (7.2.2.1)
      actionpack (= 7.2.2.1)
      activejob (= 7.2.2.1)
      activerecord (= 7.2.2.1)
      activestorage (= 7.2.2.1)
      activesupport (= 7.2.2.1)
      mail (>= 2.8.0)
    actionmailer (7.2.2.1)
      actionpack (= 7.2.2.1)
      actionview (= 7.2.2.1)
      activejob (= 7.2.2.1)
      activesupport (= 7.2.2.1)
      mail (>= 2.8.0)
      rails-dom-testing (~> 2.2)
    actionpack (7.2.2.1)
      actionview (= 7.2.2.1)
      activesupport (= 7.2.2.1)
      nokogiri (>= 1.8.5)
      racc
      rack (>= 2.2.4, < 3.2)
      rack-session (>= 1.0.1)
      rack-test (>= 0.6.3)
      rails-dom-testing (~> 2.2)
      rails-html-sanitizer (~> 1.6)
      useragent (~> 0.16)
    actiontext (7.2.2.1)
      actionpack (= 7.2.2.1)
      activerecord (= 7.2.2.1)
      activestorage (= 7.2.2.1)
      activesupport (= 7.2.2.1)
      globalid (>= 0.6.0)
      nokogiri (>= 1.8.5)
    actionview (7.2.2.1)
      activesupport (= 7.2.2.1)
      builder (~> 3.1)
      erubi (~> 1.11)
      rails-dom-testing (~> 2.2)
      rails-html-sanitizer (~> 1.6)
    activejob (7.2.2.1)
      activesupport (= 7.2.2.1)
      globalid (>= 0.3.6)
    activemodel (7.2.2.1)
      activesupport (= 7.2.2.1)
    activerecord (7.2.2.1)
      activemodel (= 7.2.2.1)
      activesupport (= 7.2.2.1)
      timeout (>= 0.4.0)
    activestorage (7.2.2.1)
      actionpack (= 7.2.2.1)
      activejob (= 7.2.2.1)
      activerecord (= 7.2.2.1)
      activesupport (= 7.2.2.1)
      marcel (~> 1.0)
    activesupport (7.2.2.1)
      base64
      benchmark (>= 0.3)
      bigdecimal
      concurrent-ruby (~> 1.0, >= 1.3.1)
      connection_pool (>= 2.2.5)
      drb
      i18n (>= 1.6, < 2)
      logger (>= 1.4.2)
      minitest (>= 5.1)
      securerandom (>= 0.3)
      tzinfo (~> 2.0, >= 2.0.5)
    addressable (2.8.7)
      public_suffix (>= 2.0.2, < 7.0)
    autoprefixer-rails (10.4.19.0)
      execjs (~> 2)
    base64 (0.2.0)
    benchmark (0.4.0)
    better_errors (2.10.1)
      erubi (>= 1.0.0)
      rack (>= 0.9.0)
      rouge (>= 1.0.0)
    bigdecimal (3.1.8)
    bindex (0.8.1)
    bootstrap-sass (3.4.1)
      autoprefixer-rails (>= 5.2.1)
      sassc (>= 2.0.0)
    builder (3.3.0)
    byebug (11.1.3)
    capybara (2.18.0)
      addressable
      mini_mime (>= 0.1.3)
      nokogiri (>= 1.3.3)
      rack (>= 1.0.0)
      rack-test (>= 0.5.4)
      xpath (>= 2.0, < 4.0)
    coffee-rails (4.2.2)
      coffee-script (>= 2.2.0)
      railties (>= 4.0.0)
    coffee-script (2.4.1)
      coffee-script-source
      execjs
    coffee-script-source (1.12.2)
    concurrent-ruby (1.3.4)
    connection_pool (2.4.1)
    crass (1.0.6)
    date (3.4.1)
    drb (2.2.1)
    erubi (1.13.1)
    execjs (2.10.0)
    faraday (2.12.2)
      faraday-net_http (>= 2.0, < 3.5)
      json
      logger
    faraday-net_http (3.4.0)
      net-http (>= 0.5.0)
    ffi (1.17.0)
    ffi (1.17.0-arm64-darwin)
    ffi (1.17.0-x86_64-darwin)
    gibbon (3.5.0)
      faraday (>= 1.0)
      multi_json (>= 1.11.0)
    globalid (1.2.1)
      activesupport (>= 6.1)
    google-protobuf (4.29.2-aarch64-linux)
      bigdecimal
      rake (>= 13)
    google-protobuf (4.29.2-arm64-darwin)
      bigdecimal
      rake (>= 13)
    google-protobuf (4.29.2-x86_64-darwin)
      bigdecimal
      rake (>= 13)
    googleapis-common-protos-types (1.16.0)
      google-protobuf (>= 3.18, < 5.a)
    high_voltage (4.0.0)
    i18n (1.14.6)
      concurrent-ruby (~> 1.0)
    io-console (0.8.0)
    irb (1.14.3)
      rdoc (>= 4.0.0)
      reline (>= 0.4.2)
    jbuilder (2.13.0)
      actionview (>= 5.0.0)
      activesupport (>= 5.0.0)
    jquery-rails (4.6.0)
      rails-dom-testing (>= 1, < 3)
      railties (>= 4.2.0)
      thor (>= 0.14, < 2.0)
    json (2.9.1)
    logger (1.6.4)
    loofah (2.23.1)
      crass (~> 1.0.2)
      nokogiri (>= 1.12.0)
    mail (2.8.1)
      mini_mime (>= 0.1.1)
      net-imap
      net-pop
      net-smtp
    marcel (1.0.4)
    mini_mime (1.1.5)
    minitest (5.25.4)
    minitest-spec-rails (7.4.1)
      minitest (>= 5.0)
      railties (>= 4.1)
    multi_json (1.15.0)
    net-http (0.6.0)
      uri
    net-imap (0.5.2)
      date
      net-protocol
    net-pop (0.1.2)
      net-protocol
    net-protocol (0.2.2)
      timeout
    net-smtp (0.5.0)
      net-protocol
    nio4r (2.7.4)
    nokogiri (1.17.2-aarch64-linux)
      racc (~> 1.4)
    nokogiri (1.17.2-arm64-darwin)
      racc (~> 1.4)
    nokogiri (1.17.2-x86_64-darwin)
      racc (~> 1.4)
    opentelemetry-api (1.4.0)
    opentelemetry-common (0.21.0)
      opentelemetry-api (~> 1.0)
    opentelemetry-exporter-otlp (0.29.0)
      google-protobuf (>= 3.18)
      googleapis-common-protos-types (~> 1.3)
      opentelemetry-api (~> 1.1)
      opentelemetry-common (~> 0.20)
      opentelemetry-sdk (~> 1.2)
      opentelemetry-semantic_conventions
    opentelemetry-exporter-otlp-metrics (0.1.0)
      google-protobuf (>= 3.18, < 5.0)
      googleapis-common-protos-types (~> 1.3)
      opentelemetry-api (~> 1.1)
      opentelemetry-common (~> 0.20)
      opentelemetry-metrics-api (~> 0.1)
      opentelemetry-metrics-sdk (~> 0.2)
      opentelemetry-sdk (~> 1.2)
      opentelemetry-semantic_conventions
    opentelemetry-helpers-mysql (0.1.2)
      opentelemetry-api (~> 1.0)
      opentelemetry-common (~> 0.21)
    opentelemetry-helpers-sql-obfuscation (0.2.1)
      opentelemetry-common (~> 0.21)
    opentelemetry-instrumentation-action_mailer (0.3.0)
      opentelemetry-api (~> 1.0)
      opentelemetry-instrumentation-active_support (~> 0.7)
      opentelemetry-instrumentation-base (~> 0.22.1)
    opentelemetry-instrumentation-action_pack (0.10.0)
      opentelemetry-api (~> 1.0)
      opentelemetry-instrumentation-base (~> 0.22.1)
      opentelemetry-instrumentation-rack (~> 0.21)
    opentelemetry-instrumentation-action_view (0.8.0)
      opentelemetry-api (~> 1.0)
      opentelemetry-instrumentation-active_support (~> 0.7)
      opentelemetry-instrumentation-base (~> 0.22.1)
    opentelemetry-instrumentation-active_job (0.7.8)
      opentelemetry-api (~> 1.0)
      opentelemetry-instrumentation-base (~> 0.22.1)
    opentelemetry-instrumentation-active_model_serializers (0.21.0)
      opentelemetry-api (~> 1.0)
      opentelemetry-instrumentation-active_support (>= 0.7.0)
      opentelemetry-instrumentation-base (~> 0.22.1)
    opentelemetry-instrumentation-active_record (0.8.1)
      opentelemetry-api (~> 1.0)
      opentelemetry-instrumentation-base (~> 0.22.1)
    opentelemetry-instrumentation-active_support (0.7.0)
      opentelemetry-api (~> 1.0)
      opentelemetry-instrumentation-base (~> 0.22.1)
    opentelemetry-instrumentation-all (0.70.0)
      opentelemetry-instrumentation-active_model_serializers (~> 0.21.0)
      opentelemetry-instrumentation-aws_lambda (~> 0.1.0)
      opentelemetry-instrumentation-aws_sdk (~> 0.7.0)
      opentelemetry-instrumentation-bunny (~> 0.21.0)
      opentelemetry-instrumentation-concurrent_ruby (~> 0.21.1)
      opentelemetry-instrumentation-dalli (~> 0.25.0)
      opentelemetry-instrumentation-delayed_job (~> 0.22.0)
      opentelemetry-instrumentation-ethon (~> 0.21.1)
      opentelemetry-instrumentation-excon (~> 0.22.0)
      opentelemetry-instrumentation-faraday (~> 0.24.0)
      opentelemetry-instrumentation-grape (~> 0.2.0)
      opentelemetry-instrumentation-graphql (~> 0.28.0)
      opentelemetry-instrumentation-gruf (~> 0.2.0)
      opentelemetry-instrumentation-http (~> 0.23.1)
      opentelemetry-instrumentation-http_client (~> 0.22.1)
      opentelemetry-instrumentation-koala (~> 0.20.1)
      opentelemetry-instrumentation-lmdb (~> 0.22.1)
      opentelemetry-instrumentation-mongo (~> 0.22.1)
      opentelemetry-instrumentation-mysql2 (~> 0.28.0)
      opentelemetry-instrumentation-net_http (~> 0.22.1)
      opentelemetry-instrumentation-pg (~> 0.29.0)
      opentelemetry-instrumentation-que (~> 0.8.0)
      opentelemetry-instrumentation-racecar (~> 0.3.0)
      opentelemetry-instrumentation-rack (~> 0.25.0)
      opentelemetry-instrumentation-rails (~> 0.34.0)
      opentelemetry-instrumentation-rake (~> 0.2.1)
      opentelemetry-instrumentation-rdkafka (~> 0.4.0)
      opentelemetry-instrumentation-redis (~> 0.25.1)
      opentelemetry-instrumentation-resque (~> 0.5.0)
      opentelemetry-instrumentation-restclient (~> 0.22.1)
      opentelemetry-instrumentation-ruby_kafka (~> 0.21.0)
      opentelemetry-instrumentation-sidekiq (~> 0.25.0)
      opentelemetry-instrumentation-sinatra (~> 0.24.0)
      opentelemetry-instrumentation-trilogy (~> 0.60.0)
    opentelemetry-instrumentation-aws_lambda (0.1.1)
      opentelemetry-api (~> 1.0)
      opentelemetry-instrumentation-base (~> 0.22.1)
    opentelemetry-instrumentation-aws_sdk (0.7.0)
      opentelemetry-api (~> 1.0)
      opentelemetry-instrumentation-base (~> 0.22.1)
    opentelemetry-instrumentation-base (0.22.6)
      opentelemetry-api (~> 1.0)
      opentelemetry-common (~> 0.21)
      opentelemetry-registry (~> 0.1)
    opentelemetry-instrumentation-bunny (0.21.4)
      opentelemetry-api (~> 1.0)
      opentelemetry-instrumentation-base (~> 0.22.1)
    opentelemetry-instrumentation-concurrent_ruby (0.21.4)
      opentelemetry-api (~> 1.0)
      opentelemetry-instrumentation-base (~> 0.22.1)
    opentelemetry-instrumentation-dalli (0.25.4)
      opentelemetry-api (~> 1.0)
      opentelemetry-instrumentation-base (~> 0.22.1)
    opentelemetry-instrumentation-delayed_job (0.22.4)
      opentelemetry-api (~> 1.0)
      opentelemetry-instrumentation-base (~> 0.22.1)
    opentelemetry-instrumentation-ethon (0.21.9)
      opentelemetry-api (~> 1.0)
      opentelemetry-instrumentation-base (~> 0.22.1)
    opentelemetry-instrumentation-excon (0.22.5)
      opentelemetry-api (~> 1.0)
      opentelemetry-instrumentation-base (~> 0.22.1)
    opentelemetry-instrumentation-faraday (0.24.8)
      opentelemetry-api (~> 1.0)
      opentelemetry-instrumentation-base (~> 0.22.1)
    opentelemetry-instrumentation-grape (0.2.0)
      opentelemetry-api (~> 1.0)
      opentelemetry-instrumentation-base (~> 0.22.1)
      opentelemetry-instrumentation-rack (~> 0.21)
    opentelemetry-instrumentation-graphql (0.28.4)
      opentelemetry-api (~> 1.0)
      opentelemetry-instrumentation-base (~> 0.22.1)
    opentelemetry-instrumentation-gruf (0.2.1)
      opentelemetry-api (>= 1.0.0)
      opentelemetry-instrumentation-base (~> 0.22.1)
    opentelemetry-instrumentation-http (0.23.5)
      opentelemetry-api (~> 1.0)
      opentelemetry-instrumentation-base (~> 0.22.1)
    opentelemetry-instrumentation-http_client (0.22.8)
      opentelemetry-api (~> 1.0)
      opentelemetry-instrumentation-base (~> 0.22.1)
    opentelemetry-instrumentation-koala (0.20.5)
      opentelemetry-api (~> 1.0)
      opentelemetry-instrumentation-base (~> 0.22.1)
    opentelemetry-instrumentation-lmdb (0.22.3)
      opentelemetry-api (~> 1.0)
      opentelemetry-instrumentation-base (~> 0.22.1)
    opentelemetry-instrumentation-mongo (0.22.4)
      opentelemetry-api (~> 1.0)
      opentelemetry-instrumentation-base (~> 0.22.1)
    opentelemetry-instrumentation-mysql2 (0.28.0)
      opentelemetry-api (~> 1.0)
      opentelemetry-helpers-mysql
      opentelemetry-helpers-sql-obfuscation
      opentelemetry-instrumentation-base (~> 0.22.1)
    opentelemetry-instrumentation-net_http (0.22.8)
      opentelemetry-api (~> 1.0)
      opentelemetry-instrumentation-base (~> 0.22.1)
    opentelemetry-instrumentation-pg (0.29.1)
      opentelemetry-api (~> 1.0)
      opentelemetry-helpers-sql-obfuscation
      opentelemetry-instrumentation-base (~> 0.22.1)
    opentelemetry-instrumentation-que (0.8.4)
      opentelemetry-api (~> 1.0)
      opentelemetry-instrumentation-base (~> 0.22.1)
    opentelemetry-instrumentation-racecar (0.3.4)
      opentelemetry-api (~> 1.0)
      opentelemetry-instrumentation-base (~> 0.22.1)
    opentelemetry-instrumentation-rack (0.25.0)
      opentelemetry-api (~> 1.0)
      opentelemetry-instrumentation-base (~> 0.22.1)
    opentelemetry-instrumentation-rails (0.34.0)
      opentelemetry-api (~> 1.0)
      opentelemetry-instrumentation-action_mailer (~> 0.3.0)
      opentelemetry-instrumentation-action_pack (~> 0.10.0)
      opentelemetry-instrumentation-action_view (~> 0.8.0)
      opentelemetry-instrumentation-active_job (~> 0.7.0)
      opentelemetry-instrumentation-active_record (~> 0.8.0)
      opentelemetry-instrumentation-active_support (~> 0.7.0)
      opentelemetry-instrumentation-base (~> 0.22.1)
    opentelemetry-instrumentation-rake (0.2.2)
      opentelemetry-api (~> 1.0)
      opentelemetry-instrumentation-base (~> 0.22.1)
    opentelemetry-instrumentation-rdkafka (0.4.8)
      opentelemetry-api (~> 1.0)
      opentelemetry-instrumentation-base (~> 0.22.1)
    opentelemetry-instrumentation-redis (0.25.7)
      opentelemetry-api (~> 1.0)
      opentelemetry-instrumentation-base (~> 0.22.1)
    opentelemetry-instrumentation-resque (0.5.2)
      opentelemetry-api (~> 1.0)
      opentelemetry-instrumentation-base (~> 0.22.1)
    opentelemetry-instrumentation-restclient (0.22.8)
      opentelemetry-api (~> 1.0)
      opentelemetry-instrumentation-base (~> 0.22.1)
    opentelemetry-instrumentation-ruby_kafka (0.21.3)
      opentelemetry-api (~> 1.0)
      opentelemetry-instrumentation-base (~> 0.22.1)
    opentelemetry-instrumentation-sidekiq (0.25.7)
      opentelemetry-api (~> 1.0)
      opentelemetry-instrumentation-base (~> 0.22.1)
    opentelemetry-instrumentation-sinatra (0.24.1)
      opentelemetry-api (~> 1.0)
      opentelemetry-instrumentation-base (~> 0.22.1)
      opentelemetry-instrumentation-rack (~> 0.21)
    opentelemetry-instrumentation-trilogy (0.60.0)
      opentelemetry-api (~> 1.0)
      opentelemetry-helpers-mysql
      opentelemetry-helpers-sql-obfuscation
      opentelemetry-instrumentation-base (~> 0.22.1)
      opentelemetry-semantic_conventions (>= 1.8.0)
    opentelemetry-metrics-api (0.1.1)
      opentelemetry-api (~> 1.0)
    opentelemetry-metrics-sdk (0.2.0)
      opentelemetry-api (~> 1.1)
      opentelemetry-metrics-api
      opentelemetry-sdk (~> 1.2)
    opentelemetry-registry (0.3.1)
      opentelemetry-api (~> 1.1)
    opentelemetry-sdk (1.6.0)
      opentelemetry-api (~> 1.1)
      opentelemetry-common (~> 0.20)
      opentelemetry-registry (~> 0.2)
      opentelemetry-semantic_conventions
    opentelemetry-semantic_conventions (1.10.1)
      opentelemetry-api (~> 1.0)
    pg (1.5.9)
    psych (5.2.2)
      date
      stringio
    public_suffix (6.0.1)
    puma (3.12.6)
    racc (1.8.1)
    rack (2.2.10)
    rack-session (1.0.2)
      rack (< 3)
    rack-test (2.1.0)
      rack (>= 1.3)
    rackup (1.0.1)
      rack (< 3)
      webrick
    rails (7.2.2.1)
      actioncable (= 7.2.2.1)
      actionmailbox (= 7.2.2.1)
      actionmailer (= 7.2.2.1)
      actionpack (= 7.2.2.1)
      actiontext (= 7.2.2.1)
      actionview (= 7.2.2.1)
      activejob (= 7.2.2.1)
      activemodel (= 7.2.2.1)
      activerecord (= 7.2.2.1)
      activestorage (= 7.2.2.1)
      activesupport (= 7.2.2.1)
      bundler (>= 1.15.0)
      railties (= 7.2.2.1)
    rails-dom-testing (2.2.0)
      activesupport (>= 5.0.0)
      minitest
      nokogiri (>= 1.6)
    rails-html-sanitizer (1.6.2)
      loofah (~> 2.21)
      nokogiri (>= 1.15.7, != 1.16.7, != 1.16.6, != 1.16.5, != 1.16.4, != 1.16.3, != 1.16.2, != 1.16.1, != 1.16.0.rc1, != 1.16.0)
    rails_layout (1.0.42)
    railties (7.2.2.1)
      actionpack (= 7.2.2.1)
      activesupport (= 7.2.2.1)
      irb (~> 1.13)
      rackup (>= 1.0.0)
      rake (>= 12.2)
      thor (~> 1.0, >= 1.2.2)
      zeitwerk (~> 2.6)
    rake (13.2.1)
    rb-fsevent (0.11.2)
    rb-inotify (0.11.1)
      ffi (~> 1.0)
    rdoc (6.10.0)
      psych (>= 4.0.0)
    reline (0.6.0)
      io-console (~> 0.5)
    rexml (3.4.0)
    rouge (4.5.1)
    rubyzip (2.3.2)
    sass (3.7.4)
      sass-listen (~> 4.0.0)
    sass-listen (4.0.0)
      rb-fsevent (~> 0.9, >= 0.9.4)
      rb-inotify (~> 0.9, >= 0.9.7)
    sass-rails (5.1.0)
      railties (>= 5.2.0)
      sass (~> 3.1)
      sprockets (>= 2.8, < 4.0)
      sprockets-rails (>= 2.0, < 4.0)
      tilt (>= 1.1, < 3)
    sassc (2.4.0)
      ffi (~> 1.9)
    securerandom (0.4.1)
    selenium-webdriver (4.27.0)
      base64 (~> 0.2)
      logger (~> 1.4)
      rexml (~> 3.2, >= 3.2.5)
      rubyzip (>= 1.2.2, < 3.0)
      websocket (~> 1.0)
    solarwinds_apm (6.1.1)
      opentelemetry-instrumentation-all (>= 0.31.0)
      opentelemetry-sdk (>= 1.2.0)
    sprockets (3.7.5)
      base64
      concurrent-ruby (~> 1.0)
      rack (> 1, < 3)
    sprockets-rails (3.5.2)
      actionpack (>= 6.1)
      activesupport (>= 6.1)
      sprockets (>= 3.0.0)
    sqlite3 (1.5.4-aarch64-linux)
    sqlite3 (1.5.4-arm64-darwin)
    sqlite3 (1.5.4-x86_64-darwin)
    stringio (3.1.2)
    thor (1.3.2)
    tilt (2.4.0)
    timeout (0.4.3)
    turbolinks (5.2.1)
      turbolinks-source (~> 5.2)
    turbolinks-source (5.2.0)
    tzinfo (2.0.6)
      concurrent-ruby (~> 1.0)
    uglifier (4.2.1)
      execjs (>= 0.3.0, < 3)
    uri (1.0.2)
    useragent (0.16.11)
    web-console (4.2.1)
      actionview (>= 6.0.0)
      activemodel (>= 6.0.0)
      bindex (>= 0.4.0)
      railties (>= 6.0.0)
    webrick (1.9.1)
    websocket (1.2.11)
    websocket-driver (0.7.6)
      websocket-extensions (>= 0.1.0)
    websocket-extensions (0.1.5)
    xpath (3.2.0)
      nokogiri (~> 1.8)
    zeitwerk (2.6.18)

PLATFORMS
  aarch64-linux
  arm64-darwin
  x86_64-darwin

DEPENDENCIES
  better_errors
  bootstrap-sass
  byebug
  capybara (~> 2.13)
  coffee-rails (~> 4.2)
  gibbon
  high_voltage
  jbuilder (~> 2.5)
  jquery-rails
  minitest-spec-rails
  opentelemetry-exporter-otlp (= 0.29.0)
  opentelemetry-exporter-otlp-metrics (= 0.1.0)
  opentelemetry-metrics-sdk (= 0.2.0)
  pg
  puma (~> 3.7)
  rails (~> 7)
  rails_layout
  sass-rails (~> 5.0)
  selenium-webdriver
  solarwinds_apm
  sqlite3 (< 1.6)
  turbolinks (~> 5)
  uglifier (>= 1.3.0)
  web-console

BUNDLED WITH
   2.5.23
